GEM
  remote: https://rubygems.org/
  specs:

PLATFORMS
  x64-mingw32

DEPENDENCIES

RUBY VERSION
   ruby 2.5.3p105

BUNDLED WITH
   1.16.6
